PATH
  remote: .
  specs:
    win32screenshot (3.0.1)
      ffi (~> 1.14)
      mini_magick (~> 4.11)

GEM
  remote: https://rubygems.org/
  remote: https://northwoodspd.jfrog.io/northwoodspd/api/gems/gems/
  specs:
    diff-lcs (1.4.4)
    ffi (1.14.2-x86-mingw32)
    mini_magick (4.11.0)
    rake (13.0.3)
    rautomation (1.0.1)
      ffi (~> 1.14)
    rspec (3.10.0)
      rspec-core (~> 3.10.0)
      rspec-expectations (~> 3.10.0)
      rspec-mocks (~> 3.10.0)
    rspec-core (3.10.1)
      rspec-support (~> 3.10.0)
    rspec-expectations (3.10.1)
      diff-lcs (>= 1.2.0, < 2.0)
      rspec-support (~> 3.10.0)
    rspec-mocks (3.10.2)
      diff-lcs (>= 1.2.0, < 2.0)
      rspec-support (~> 3.10.0)
    rspec-support (3.10.2)
    yard (0.9.26)

PLATFORMS
  x86-mingw32

DEPENDENCIES
  rake (~> 13.0)
  rautomation (~> 1.0.1)!
  rspec (~> 3.10)
  win32screenshot!
  yard

BUNDLED WITH
   2.2.6
